GEM
  remote: https://rubygems.org/
  specs:
    httpclient (2.6.0.1)
    nokogiri (1.5.11)

PLATFORMS
  ruby

DEPENDENCIES
  httpclient
  nokogiri
