GEM
  remote: https://rubygems.org/
  specs:
    colorize (0.7.5)
    httpclient (2.6.0.1)
    nokogiri (1.5.11)

PLATFORMS
  ruby

DEPENDENCIES
  colorize
  httpclient
  nokogiri
